GEM
  remote: https://rubygems.org/
  specs:
    bacon (1.2.0)
    diff-lcs (1.2.5)
    em-spec (0.2.6)
      bacon
      eventmachine
      rspec (> 2.6.0)
      test-unit
    eventmachine (1.0.4)
    influxdb (0.1.8)
      json
    json (1.8.1)
    power_assert (0.2.2)
    rrd-ruby (1.0.1)
    rspec (3.1.0)
      rspec-core (~> 3.1.0)
      rspec-expectations (~> 3.1.0)
      rspec-mocks (~> 3.1.0)
    rspec-core (3.1.7)
      rspec-support (~> 3.1.0)
    rspec-expectations (3.1.2)
      diff-lcs (>= 1.2.0, < 2.0)
      rspec-support (~> 3.1.0)
    rspec-mocks (3.1.3)
      rspec-support (~> 3.1.0)
    rspec-support (3.1.2)
    test-unit (3.0.9)
      power_assert

PLATFORMS
  ruby

DEPENDENCIES
  em-spec
  eventmachine
  influxdb
  rrd-ruby
  rspec
