GEM
  remote: https://rubygems.org/
  specs:
    mkfifo (0.0.1)

PLATFORMS
  ruby

DEPENDENCIES
  mkfifo
